GEM
  remote: http://rubygems.org/
  specs:
    ansi (1.5.0)
    ast (2.1.0)
    crass (1.0.2)
    diff-lcs (1.2.5)
    docile (1.1.5)
    json (1.8.3)
    oga (1.2.3)
      ast
      ruby-ll (~> 2.1)
    rspec (3.3.0)
      rspec-core (~> 3.3.0)
      rspec-expectations (~> 3.3.0)
      rspec-mocks (~> 3.3.0)
    rspec-core (3.3.2)
      rspec-support (~> 3.3.0)
    rspec-expectations (3.3.1)
      diff-lcs (>= 1.2.0, < 2.0)
      rspec-support (~> 3.3.0)
    rspec-mocks (3.3.2)
      diff-lcs (>= 1.2.0, < 2.0)
      rspec-support (~> 3.3.0)
    rspec-support (3.3.0)
    ruby-ll (2.1.2)
      ansi
      ast
    simplecov (0.10.0)
      docile (~> 1.1.0)
      json (~> 1.8)
      simplecov-html (~> 0.10.0)
    simplecov-html (0.10.0)

PLATFORMS
  ruby

DEPENDENCIES
  bundler
  crass (~> 1.0.2)
  oga (~> 1.2.2)
  rspec (= 3.3.0)
  simplecov

BUNDLED WITH
   1.10.6
